GEM
  remote: https://rubygems.org/
  specs:
    addressable (2.3.5)
    crack (0.4.0)
      safe_yaml (~> 0.9.0)
    fast-aes (0.1.1)
    safe_yaml (0.9.4)
    term-ansicolor (1.2.2)
      tins (~> 0.8)
    tins (0.9.0)
    vcr (2.5.0)
    webmock (1.13.0)
      addressable (>= 2.2.7)
      crack (>= 0.3.2)

PLATFORMS
  ruby

DEPENDENCIES
  fast-aes
  term-ansicolor
  vcr
  webmock
