GEM
  remote: https://rubygems.org/
  specs:
    term-ansicolor (1.2.2)
      tins (~> 0.8)
    tins (0.9.0)

PLATFORMS
  ruby

DEPENDENCIES
  term-ansicolor
